GEM
  remote: https://rubygems.org/
  specs:
    activesupport (6.0.2.2)
      concurrent-ruby (~> 1.0, >= 1.0.2)
      i18n (>= 0.7, < 2)
      minitest (~> 5.1)
      tzinfo (~> 1.1)
      zeitwerk (~> 2.2)
    addressable (2.5.2)
      public_suffix (>= 2.0.2, < 4.0)
    concurrent-ruby (1.1.6)
    docusign_rest (0.4.4)
      json
      multipart-post (>= 1.2)
    dotenv (2.7.5)
    faraday (0.14.0)
      multipart-post (>= 1.2, < 3)
    i18n (1.8.2)
      concurrent-ruby (~> 1.0)
    json (2.3.0)
    mini_portile2 (2.4.0)
    minitest (5.14.0)
    multipart-post (2.1.1)
    mustermann (1.1.1)
      ruby2_keywords (~> 0.0.1)
    nio4r (2.5.2)
    nokogiri (1.10.9)
      mini_portile2 (~> 2.4.0)
    nori (2.6.0)
    octokit (4.18.0)
      faraday (>= 0.9)
      sawyer (~> 0.8.0, >= 0.5.3)
    pdfkit (0.8.4.1)
    pg (1.2.3)
    public_suffix (3.0.2)
    puma (4.3.3)
      nio4r (~> 2.0)
    rack (2.0.4)
    rack-parser (0.7.0)
      rack
    rack-protection (2.0.1)
      rack
    rake (12.3.1)
    ruby2_keywords (0.0.2)
    sawyer (0.8.1)
      addressable (>= 2.3.5, < 2.6)
      faraday (~> 0.8, < 1.0)
    sequel (5.30.0)
    sinatra (2.0.1)
      mustermann (~> 1.0)
      rack (~> 2.0)
      rack-protection (= 2.0.1)
      tilt (~> 2.0)
    sinatra-flash (0.3.0)
      sinatra (>= 1.0.0)
    sinatra-param (1.6.0)
      sinatra (>= 1.3)
    sinatra_auth_github (2.0.0)
      sinatra (~> 2.0)
      warden-github (~> 1.3)
    thread_safe (0.3.6)
    tilt (2.0.10)
    tzinfo (1.2.6)
      thread_safe (~> 0.1)
    warden (1.2.7)
      rack (>= 1.0)
    warden-github (1.3.2)
      activesupport (> 3.0)
      octokit (> 2.1.0)
      warden (> 1.0)
    zeitwerk (2.3.0)

PLATFORMS
  ruby

DEPENDENCIES
  docusign_rest
  dotenv
  nokogiri
  nori
  pdfkit
  pg
  puma
  rack-parser
  rake
  sequel
  sinatra
  sinatra-flash
  sinatra-param
  sinatra_auth_github

RUBY VERSION
   ruby 2.5.7p206

BUNDLED WITH
   2.1.4
